GEM
  remote: https://rubygems.org/
  specs:
    coderay (1.1.1)
    i18n (0.8.6)
    method_source (0.8.2)
    money (6.9.0)
      i18n (>= 0.6.4, < 0.9)
    pry (0.10.4)
      coderay (~> 1.1.0)
      method_source (~> 0.8.1)
      slop (~> 3.4)
    slop (3.6.0)
    terminal-table (1.8.0)
      unicode-display_width (~> 1.1, >= 1.1.1)
    unicode-display_width (1.3.0)

PLATFORMS
  ruby

DEPENDENCIES
  money!
  pry!
  terminal-table!

RUBY VERSION
   ruby 2.2.4p230

BUNDLED WITH
   1.14.3
